Brain Vision Data Exchange Header File Version 1.0
; Written using pybv 0.7.6

[Common Infos]
Codepage=UTF-8
DataFile=sub-007_task-arithmetic_eeg.eeg
MarkerFile=sub-007_task-arithmetic_eeg.vmrk
DataFormat=BINARY
; Data orientation: MULTIPLEXED=ch1,pt1, ch2,pt1 ...
DataOrientation=MULTIPLEXED
NumberOfChannels=24
; Sampling interval in microseconds
SamplingInterval=4000.0

[Binary Infos]
BinaryFormat=IEEE_FLOAT_32

[Channel Infos]
; Each entry: Ch<Channel number>=<Name>,<Reference channel name>,
; <Resolution in "Unit">,<Unit>, Future extensions..
; Fields are delimited by commas, some fields might be omitted (empty).
; Commas in channel names are coded as "\1".
Ch1=Pz,,0.1,µV
Ch2=Fz,,0.1,µV
Ch3=Cz,,0.1,µV
Ch4=T6,,0.1,µV
Ch5=T5,,0.1,µV
Ch6=T4,,0.1,µV
Ch7=T3,,0.1,µV
Ch8=F8,,0.1,µV
Ch9=F7,,0.1,µV
Ch10=O2,,0.1,µV
Ch11=O1,,0.1,µV
Ch12=P4,,0.1,µV
Ch13=P3,,0.1,µV
Ch14=C4,,0.1,µV
Ch15=C3,,0.1,µV
Ch16=F4,,0.1,µV
Ch17=F3,,0.1,µV
Ch18=FP2,,0.1,µV
Ch19=FP1,,0.1,µV
Ch20=D1,,0.1,n/a
Ch21=D2,,0.1,n/a
Ch22=D3,,0.1,n/a
Ch23=D4,,0.1,n/a
Ch24=D5,,0.1,n/a

[Comment]

